GEM
  remote: https://rubygems.org/
  specs:
    actioncable (7.1.3.2)
      actionpack (= 7.1.3.2)
      activesupport (= 7.1.3.2)
      nio4r (~> 2.0)
      websocket-driver (>= 0.6.1)
      zeitwerk (~> 2.6)
    actionmailbox (7.1.3.2)
      actionpack (= 7.1.3.2)
      activejob (= 7.1.3.2)
      activerecord (= 7.1.3.2)
      activestorage (= 7.1.3.2)
      activesupport (= 7.1.3.2)
      mail (>= 2.7.1)
      net-imap
      net-pop
      net-smtp
    actionmailer (7.1.3.2)
      actionpack (= 7.1.3.2)
      actionview (= 7.1.3.2)
      activejob (= 7.1.3.2)
      activesupport (= 7.1.3.2)
      mail (~> 2.5, >= 2.5.4)
      net-imap
      net-pop
      net-smtp
      rails-dom-testing (~> 2.2)
    actionpack (7.1.3.2)
      actionview (= 7.1.3.2)
      activesupport (= 7.1.3.2)
      nokogiri (>= 1.8.5)
      racc
      rack (>= 2.2.4)
      rack-session (>= 1.0.1)
      rack-test (>= 0.6.3)
      rails-dom-testing (~> 2.2)
      rails-html-sanitizer (~> 1.6)
    actiontext (7.1.3.2)
      actionpack (= 7.1.3.2)
      activerecord (= 7.1.3.2)
      activestorage (= 7.1.3.2)
      activesupport (= 7.1.3.2)
      globalid (>= 0.6.0)
      nokogiri (>= 1.8.5)
    actionview (7.1.3.2)
      activesupport (= 7.1.3.2)
      builder (~> 3.1)
      erubi (~> 1.11)
      rails-dom-testing (~> 2.2)
      rails-html-sanitizer (~> 1.6)
    activejob (7.1.3.2)
      activesupport (= 7.1.3.2)
      globalid (>= 0.3.6)
    activemodel (7.1.3.2)
      activesupport (= 7.1.3.2)
    activerecord (7.1.3.2)
      activemodel (= 7.1.3.2)
      activesupport (= 7.1.3.2)
      timeout (>= 0.4.0)
    activestorage (7.1.3.2)
      actionpack (= 7.1.3.2)
      activejob (= 7.1.3.2)
      activerecord (= 7.1.3.2)
      activesupport (= 7.1.3.2)
      marcel (~> 1.0)
    activesupport (7.1.3.2)
      base64
      bigdecimal
      concurrent-ruby (~> 1.0, >= 1.0.2)
      connection_pool (>= 2.2.5)
      drb
      i18n (>= 1.6, < 2)
      minitest (>= 5.1)
      mutex_m
      tzinfo (~> 2.0)
    addressable (2.8.6)
      public_suffix (>= 2.0.2, < 6.0)
    android_key_attestation (0.3.0)
    annotate (3.2.0)
      activerecord (>= 3.2, < 8.0)
      rake (>= 10.4, < 14.0)
    ast (2.4.2)
    autoprefixer-rails (10.4.16.0)
      execjs (~> 2)
    awrence (1.2.1)
    base64 (0.2.0)
    better_errors (2.10.1)
      erubi (>= 1.0.0)
      rack (>= 0.9.0)
      rouge (>= 1.0.0)
    bigdecimal (3.1.7)
    bindata (2.5.0)
    bindex (0.8.1)
    bootsnap (1.18.3)
      msgpack (~> 1.2)
    bootstrap (5.3.2)
      autoprefixer-rails (>= 9.1.0)
      popper_js (>= 2.11.8, < 3)
    builder (3.2.4)
    capybara (3.40.0)
      addressable
      matrix
      mini_mime (>= 0.1.3)
      nokogiri (~> 1.11)
      rack (>= 1.6.0)
      rack-test (>= 0.6.3)
      regexp_parser (>= 1.5, < 3.0)
      xpath (~> 3.2)
    cbor (0.5.9.8)
    coderay (1.1.3)
    concurrent-ruby (1.2.3)
    connection_pool (2.4.1)
    cose (1.3.0)
      cbor (~> 0.5.9)
      openssl-signature_algorithm (~> 1.0)
    crass (1.0.6)
    dartsass-rails (0.5.0)
      railties (>= 6.0.0)
      sass-embedded (~> 1.63)
    date (3.3.4)
    debug (1.9.2)
      irb (~> 1.10)
      reline (>= 0.3.8)
    declarative (0.0.20)
    diff-lcs (1.5.1)
    digest-crc (0.6.5)
      rake (>= 12.0.0, < 14.0.0)
    dotenv (3.1.0)
    drb (2.2.1)
    dry-cli (1.0.0)
    erubi (1.12.0)
    execjs (2.9.1)
    factory_bot (6.4.6)
      activesupport (>= 5.0.0)
    factory_bot_rails (6.4.3)
      factory_bot (~> 6.4)
      railties (>= 5.0.0)
    faker (3.3.1)
      i18n (>= 1.8.11, < 2)
    faraday (2.9.0)
      faraday-net_http (>= 2.0, < 3.2)
    faraday-net_http (3.1.0)
      net-http
    ffi (1.16.3)
    geocoder (1.8.2)
    globalid (1.2.1)
      activesupport (>= 6.1)
    google-apis-core (0.14.1)
      addressable (~> 2.5, >= 2.5.1)
      googleauth (~> 1.9)
      httpclient (>= 2.8.1, < 3.a)
      mini_mime (~> 1.0)
      representable (~> 3.0)
      retriable (>= 2.0, < 4.a)
      rexml
    google-apis-iamcredentials_v1 (0.20.0)
      google-apis-core (>= 0.14.0, < 2.a)
    google-apis-storage_v1 (0.37.0)
      google-apis-core (>= 0.14.0, < 2.a)
    google-cloud-core (1.7.0)
      google-cloud-env (>= 1.0, < 3.a)
      google-cloud-errors (~> 1.0)
    google-cloud-env (2.1.1)
      faraday (>= 1.0, < 3.a)
    google-cloud-errors (1.4.0)
    google-cloud-storage (1.51.0)
      addressable (~> 2.8)
      digest-crc (~> 0.4)
      google-apis-core (~> 0.13)
      google-apis-iamcredentials_v1 (~> 0.18)
      google-apis-storage_v1 (~> 0.37)
      google-cloud-core (~> 1.6)
      googleauth (~> 1.9)
      mini_mime (~> 1.0)
    google-protobuf (4.26.1-aarch64-linux)
      rake (>= 13)
    google-protobuf (4.26.1-arm64-darwin)
      rake (>= 13)
    google-protobuf (4.26.1-x86_64-darwin)
      rake (>= 13)
    google-protobuf (4.26.1-x86_64-linux)
      rake (>= 13)
    googleauth (1.11.0)
      faraday (>= 1.0, < 3.a)
      google-cloud-env (~> 2.1)
      jwt (>= 1.4, < 3.0)
      multi_json (~> 1.11)
      os (>= 0.9, < 2.0)
      signet (>= 0.16, < 2.a)
    hotwire-livereload (1.3.2)
      actioncable (>= 6.0.0)
      listen (>= 3.0.0)
      railties (>= 6.0.0)
    httparty (0.21.0)
      mini_mime (>= 1.0.0)
      multi_xml (>= 0.5.2)
    httpclient (2.8.3)
    i18n (1.14.4)
      concurrent-ruby (~> 1.0)
    importmap-rails (2.0.1)
      actionpack (>= 6.0.0)
      activesupport (>= 6.0.0)
      railties (>= 6.0.0)
    inertia_rails (3.1.3)
      railties (>= 5)
    io-console (0.7.2)
    irb (1.12.0)
      rdoc
      reline (>= 0.4.2)
    jbuilder (2.11.5)
      actionview (>= 5.0.0)
      activesupport (>= 5.0.0)
    json (2.7.2)
    jwt (2.8.1)
      base64
    language_server-protocol (3.17.0.3)
    listen (3.9.0)
      rb-fsevent (~> 0.10, >= 0.10.3)
      rb-inotify (~> 0.9, >= 0.9.10)
    loofah (2.22.0)
      crass (~> 1.0.2)
      nokogiri (>= 1.12.0)
    mail (2.8.1)
      mini_mime (>= 0.1.1)
      net-imap
      net-pop
      net-smtp
    marcel (1.0.4)
    matrix (0.4.2)
    method_source (1.1.0)
    mini_mime (1.1.5)
    minitest (5.22.3)
    msgpack (1.7.2)
    multi_json (1.15.0)
    multi_xml (0.6.0)
    mutex_m (0.2.0)
    net-http (0.4.1)
      uri
    net-imap (0.4.10)
      date
      net-protocol
    net-pop (0.1.2)
      net-protocol
    net-protocol (0.2.2)
      timeout
    net-smtp (0.5.0)
      net-protocol
    netrc (0.11.0)
    nio4r (2.7.1)
    nokogiri (1.16.4-aarch64-linux)
      racc (~> 1.4)
    nokogiri (1.16.4-arm64-darwin)
      racc (~> 1.4)
    nokogiri (1.16.4-x86_64-darwin)
      racc (~> 1.4)
    nokogiri (1.16.4-x86_64-linux)
      racc (~> 1.4)
    openssl (3.2.0)
    openssl-signature_algorithm (1.3.0)
      openssl (> 2.0)
    os (1.1.4)
    parallel (1.24.0)
    parser (3.3.0.5)
      ast (~> 2.4.1)
      racc
    popper_js (2.11.8)
    prism (0.26.0)
    pry (0.14.2)
      coderay (~> 1.1)
      method_source (~> 1.0)
    psych (5.1.2)
      stringio
    public_suffix (5.0.5)
    puma (6.4.2)
      nio4r (~> 2.0)
    racc (1.7.3)
    rack (3.0.10)
    rack-proxy (0.7.7)
      rack
    rack-session (2.0.0)
      rack (>= 3.0.0)
    rack-test (2.1.0)
      rack (>= 1.3)
    rackup (2.1.0)
      rack (>= 3)
      webrick (~> 1.8)
    rails (7.1.3.2)
      actioncable (= 7.1.3.2)
      actionmailbox (= 7.1.3.2)
      actionmailer (= 7.1.3.2)
      actionpack (= 7.1.3.2)
      actiontext (= 7.1.3.2)
      actionview (= 7.1.3.2)
      activejob (= 7.1.3.2)
      activemodel (= 7.1.3.2)
      activerecord (= 7.1.3.2)
      activestorage (= 7.1.3.2)
      activesupport (= 7.1.3.2)
      bundler (>= 1.15.0)
      railties (= 7.1.3.2)
    rails-controller-testing (1.0.5)
      actionpack (>= 5.0.1.rc1)
      actionview (>= 5.0.1.rc1)
      activesupport (>= 5.0.1.rc1)
    rails-dom-testing (2.2.0)
      activesupport (>= 5.0.0)
      minitest
      nokogiri (>= 1.6)
    rails-html-sanitizer (1.6.0)
      loofah (~> 2.21)
      nokogiri (~> 1.14)
    railties (7.1.3.2)
      actionpack (= 7.1.3.2)
      activesupport (= 7.1.3.2)
      irb
      rackup (>= 1.0.0)
      rake (>= 12.2)
      thor (~> 1.0, >= 1.2.2)
      zeitwerk (~> 2.6)
    rainbow (3.1.1)
    rake (13.2.1)
    rb-fsevent (0.11.2)
    rb-inotify (0.10.1)
      ffi (~> 1.0)
    rbi (0.1.11)
      prism (>= 0.18.0, < 0.27)
      sorbet-runtime (>= 0.5.9204)
    rdoc (6.6.3.1)
      psych (>= 4.0.0)
    redis (5.2.0)
      redis-client (>= 0.22.0)
    redis-client (0.22.1)
      connection_pool
    regexp_parser (2.9.0)
    reline (0.5.2)
      io-console (~> 0.5)
    representable (3.2.0)
      declarative (< 0.1.0)
      trailblazer-option (>= 0.1.1, < 0.2.0)
      uber (< 0.2.0)
    retriable (3.1.2)
    rexml (3.2.6)
    rgeo (3.0.1)
    rgeo-geojson (2.1.1)
      rgeo (>= 1.0.0)
    rouge (4.2.1)
    rspec-core (3.13.0)
      rspec-support (~> 3.13.0)
    rspec-expectations (3.13.0)
      diff-lcs (>= 1.2.0, < 2.0)
      rspec-support (~> 3.13.0)
    rspec-mocks (3.13.0)
      diff-lcs (>= 1.2.0, < 2.0)
      rspec-support (~> 3.13.0)
    rspec-rails (6.1.2)
      actionpack (>= 6.1)
      activesupport (>= 6.1)
      railties (>= 6.1)
      rspec-core (~> 3.13)
      rspec-expectations (~> 3.13)
      rspec-mocks (~> 3.13)
      rspec-support (~> 3.13)
    rspec-sorbet (1.9.2)
      sorbet-runtime
    rspec-support (3.13.1)
    rubocop (1.63.3)
      json (~> 2.3)
      language_server-protocol (>= 3.17.0)
      parallel (~> 1.10)
      parser (>= 3.3.0.2)
      rainbow (>= 2.2.2, < 4.0)
      regexp_parser (>= 1.8, < 3.0)
      rexml (>= 3.2.5, < 4.0)
      rubocop-ast (>= 1.31.1, < 2.0)
      ruby-progressbar (~> 1.7)
      unicode-display_width (>= 2.4.0, < 3.0)
    rubocop-ast (1.31.2)
      parser (>= 3.3.0.4)
    ruby-progressbar (1.13.0)
    rubyzip (2.3.2)
    safety_net_attestation (0.4.0)
      jwt (~> 2.0)
    sass-embedded (1.75.0-aarch64-linux-gnu)
      google-protobuf (>= 3.25, < 5.0)
    sass-embedded (1.75.0-arm64-darwin)
      google-protobuf (>= 3.25, < 5.0)
    sass-embedded (1.75.0-x86_64-darwin)
      google-protobuf (>= 3.25, < 5.0)
    sass-embedded (1.75.0-x86_64-linux-gnu)
      google-protobuf (>= 3.25, < 5.0)
    sassc (2.4.0)
      ffi (~> 1.9)
    sassc-rails (2.1.2)
      railties (>= 4.0.0)
      sassc (>= 2.0)
      sprockets (> 3.0)
      sprockets-rails
      tilt
    selenium-webdriver (4.19.0)
      base64 (~> 0.2)
      rexml (~> 3.2, >= 3.2.5)
      rubyzip (>= 1.2.2, < 3.0)
      websocket (~> 1.0)
    shortener (1.0.1)
      voight_kampff (~> 2.0)
    signet (0.19.0)
      addressable (~> 2.8)
      faraday (>= 0.17.5, < 3.a)
      jwt (>= 1.5, < 3.0)
      multi_json (~> 1.10)
    sorbet (0.5.11351)
      sorbet-static (= 0.5.11351)
    sorbet-runtime (0.5.11351)
    sorbet-static (0.5.11351-aarch64-linux)
    sorbet-static (0.5.11351-universal-darwin)
    sorbet-static (0.5.11351-x86_64-linux)
    sorbet-static-and-runtime (0.5.11351)
      sorbet (= 0.5.11351)
      sorbet-runtime (= 0.5.11351)
    spoom (1.3.0)
      erubi (>= 1.10.0)
      prism (>= 0.19.0)
      sorbet-static-and-runtime (>= 0.5.10187)
      thor (>= 0.19.2)
    sprockets (4.2.1)
      concurrent-ruby (~> 1.0)
      rack (>= 2.2.4, < 4)
    sprockets-rails (3.4.2)
      actionpack (>= 5.2)
      activesupport (>= 5.2)
      sprockets (>= 3.0.0)
    sqlite3 (1.7.3-aarch64-linux)
    sqlite3 (1.7.3-arm64-darwin)
    sqlite3 (1.7.3-x86_64-darwin)
    sqlite3 (1.7.3-x86_64-linux)
    stimulus-rails (1.3.3)
      railties (>= 6.0.0)
    stringio (3.1.0)
    tapioca (0.13.3)
      bundler (>= 2.2.25)
      netrc (>= 0.11.0)
      parallel (>= 1.21.0)
      rbi (>= 0.1.4, < 0.2)
      sorbet-static-and-runtime (>= 0.5.11087)
      spoom (>= 1.2.0)
      thor (>= 1.2.0)
      yard-sorbet
    thor (1.3.1)
    tilt (2.3.0)
    timeout (0.4.1)
    tpm-key_attestation (0.12.0)
      bindata (~> 2.4)
      openssl (> 2.0)
      openssl-signature_algorithm (~> 1.0)
    trailblazer-option (0.1.2)
    turbo-rails (2.0.5)
      actionpack (>= 6.0.0)
      activejob (>= 6.0.0)
      railties (>= 6.0.0)
    twilio-ruby (7.0.2)
      faraday (>= 0.9, < 3.0)
      jwt (>= 1.5, < 3.0)
      nokogiri (>= 1.6, < 2.0)
    tzinfo (2.0.6)
      concurrent-ruby (~> 1.0)
    uber (0.1.0)
    unicode-display_width (2.5.0)
    uri (0.13.0)
    vite_rails (3.0.17)
      railties (>= 5.1, < 8)
      vite_ruby (~> 3.0, >= 3.2.2)
    vite_ruby (3.5.0)
      dry-cli (>= 0.7, < 2)
      rack-proxy (~> 0.6, >= 0.6.1)
      zeitwerk (~> 2.2)
    voight_kampff (2.0.0)
      rack (>= 1.4)
    web-console (4.2.1)
      actionview (>= 6.0.0)
      activemodel (>= 6.0.0)
      bindex (>= 0.4.0)
      railties (>= 6.0.0)
    webauthn (3.1.0)
      android_key_attestation (~> 0.3.0)
      awrence (~> 1.1)
      bindata (~> 2.4)
      cbor (~> 0.5.9)
      cose (~> 1.1)
      openssl (>= 2.2)
      safety_net_attestation (~> 0.4.0)
      tpm-key_attestation (~> 0.12.0)
    webrick (1.8.1)
    websocket (1.2.10)
    websocket-driver (0.7.6)
      websocket-extensions (>= 0.1.0)
    websocket-extensions (0.1.5)
    xpath (3.2.0)
      nokogiri (~> 1.8)
    yard (0.9.36)
    yard-sorbet (0.8.1)
      sorbet-runtime (>= 0.5)
      yard (>= 0.9)
    zeitwerk (2.6.13)

PLATFORMS
  aarch64-linux
  arm64-darwin
  x86_64-darwin
  x86_64-linux

DEPENDENCIES
  annotate
  better_errors
  bootsnap
  bootstrap (~> 5.3.2)
  capybara
  dartsass-rails (~> 0.5.0)
  debug
  dotenv
  factory_bot_rails
  faker
  geocoder
  google-cloud-storage (~> 1.51)
  hotwire-livereload (~> 1.3)
  httparty
  importmap-rails
  inertia_rails
  jbuilder
  pry
  puma (>= 5.0)
  rails (~> 7.1.3, >= 7.1.3.2)
  rails-controller-testing
  redis (>= 4.0.1)
  rgeo
  rgeo-geojson
  rspec-rails (~> 6)
  rspec-sorbet
  rubocop
  sassc-rails
  selenium-webdriver
  shortener
  sorbet
  sorbet-runtime
  sprockets-rails
  sqlite3 (~> 1.4)
  stimulus-rails
  tapioca
  turbo-rails
  twilio-ruby
  tzinfo-data
  vite_rails
  web-console
  webauthn

RUBY VERSION
   ruby 3.3.0p0

BUNDLED WITH
   2.5.9
